GEM
  remote: http://rubygems.org/
  specs:
    rack (1.2.3)

PLATFORMS
  ruby

DEPENDENCIES
  rack
